PATH
  remote: .
  specs:
    limelight_video (0.0.4)
      faraday (~> 0.8.0)
      mime-types (~> 1.18)

GEM
  remote: http://rubygems.org/
  specs:
    fakeweb (1.3.0)
    faraday (0.8.6)
      multipart-post (~> 1.1)
    mime-types (1.21)
    minitest (3.0.0)
    multipart-post (1.2.0)
    rake (0.9.2.2)
    vcr (2.1.1)

PLATFORMS
  ruby

DEPENDENCIES
  fakeweb (~> 1.3.0)
  limelight_video!
  minitest (~> 3.0.0)
  rake
  vcr (~> 2.1.0)
